PATH
  remote: .
  specs:
    levenshtein_str (0.1.0)

GEM
  remote: https://rubygems.org/
  specs:
    benchmark-ips (2.8.2)

PLATFORMS
  ruby

DEPENDENCIES
  benchmark-ips
  levenshtein_str!

BUNDLED WITH
   2.1.4
