PATH
  remote: .
  specs:
    levenshtein_str (0.1.0)

GEM
  remote: https://rubygems.org/
  specs:
    benchmark-ips (2.8.2)
    benchmark-memory (0.1.2)
      memory_profiler (~> 0.9)
    memory_profiler (0.9.14)

PLATFORMS
  ruby

DEPENDENCIES
  benchmark-ips (~> 2.7)
  benchmark-memory (~> 0.1.2)
  levenshtein_str!

BUNDLED WITH
   2.1.4
